GEM
  remote: https://rubygems.org/
  specs:
    faraday (0.15.3)
      multipart-post (>= 1.2, < 3)
    faraday_middleware (0.12.2)
      faraday (>= 0.7.4, < 1.0)
    fileutils (1.1.0)
    multipart-post (2.0.0)
    rmagick (2.16.0)

PLATFORMS
  ruby

DEPENDENCIES
  faraday
  faraday_middleware
  fileutils
  rmagick

BUNDLED WITH
   1.16.1
